GIT
  remote: git://github.com/devrandom/net_dav.git
  revision: 6f748e8282aa26d9dc7214c1e0f3a4fcf09e6ae4
  specs:
    net_dav (0.5.0)
      nokogiri (>= 1.3.0)

GEM
  remote: https://rubygems.org/
  specs:
    mini_portile2 (2.1.0)
    nokogiri (1.6.8)
      mini_portile2 (~> 2.1.0)
      pkg-config (~> 1.1.7)
    pkg-config (1.1.7)

PLATFORMS
  ruby

DEPENDENCIES
  net_dav!

BUNDLED WITH
   1.11.2
